GEM
  remote: http://rubygems.org/
  specs:
    backports (1.18.2)
    crack (0.3.1)
    daemons (1.1.0)
    eventmachine (0.12.10)
    file-tail (1.0.5)
      spruz (>= 0.1.0)
    json (1.5.1)
    mime-types (1.16)
    monkey-lib (0.5.4)
      backports
    net-dns (0.6.1)
    parka (0.6.2)
      crack
      rest-client
      thor
    rack (1.2.1)
    rest-client (1.6.1)
      mime-types (>= 1.16)
    sinatra (1.1.3)
      rack (~> 1.1)
      tilt (>= 1.2.2, < 2.0)
    sinatra-sugar (0.5.0)
      monkey-lib (~> 0.5.0)
      sinatra (~> 1.0)
    spruz (0.2.5)
    test-unit (2.5.2)
    thin (1.2.8)
      daemons (>= 1.0.9)
      eventmachine (>= 0.12.6)
      rack (>= 1.0.0)
    thor (0.15.2)
    tilt (1.2.2)

PLATFORMS
  ruby

DEPENDENCIES
  file-tail
  json
  net-dns
  parka
  rest-client
  sinatra
  sinatra-sugar
  test-unit
  thin
